GEM
  remote: http://rubygems.org/
  specs:
    archive-tar-minitar (0.5.2)
    aws-sdk-core (2.0.0.rc6)
      builder (~> 3.0)
      jamespath
      multi_json (~> 1.0)
      multi_xml (~> 0.5)
    bcl (0.5.2)
      archive-tar-minitar
      builder
      faraday
      libxml-ruby
      multi_json
      nokogiri
      roo
      rubyzip
      uuid
      yamler
      zliby
    builder (3.2.2)
    ci_reporter (1.9.2)
      builder (>= 2.1.2)
    colored (1.2)
    diff-lcs (1.2.5)
    faraday (0.8.9)
      multipart-post (~> 1.2.0)
    jamespath (0.5.0)
    libxml-ruby (2.7.0)
    macaddr (1.7.1)
      systemu (~> 2.6.2)
    mini_portile (0.5.3)
    multi_json (1.9.3)
    multi_xml (0.5.5)
    multipart-post (1.2.0)
    net-scp (1.2.0)
      net-ssh (>= 2.6.5)
    net-ssh (2.8.0)
    nokogiri (1.6.1)
      mini_portile (~> 0.5.0)
    openstudio-analysis (0.1.16)
      faraday (~> 0.8.8)
      roo (~> 1.12.2)
      rubyzip (~> 1.1.0)
      semantic (~> 1.3.0)
      uuid (~> 2.3.7)
    openstudio-aws (0.1.22)
      aws-sdk-core (~> 2.0.0.rc6)
      net-scp (~> 1.1)
      semantic (~> 1.3)
    rake (10.3.1)
    roo (1.12.2)
      nokogiri
      rubyzip
      spreadsheet (> 0.6.4)
    rspec (2.14.1)
      rspec-core (~> 2.14.0)
      rspec-expectations (~> 2.14.0)
      rspec-mocks (~> 2.14.0)
    rspec-core (2.14.8)
    rspec-expectations (2.14.5)
      diff-lcs (>= 1.1.3, < 2.0)
    rspec-mocks (2.14.6)
    ruby-ole (1.2.11.7)
    rubyzip (1.1.3)
    semantic (1.3.0)
    spreadsheet (0.9.7)
      ruby-ole (>= 1.0)
    systemu (2.6.4)
    uuid (2.3.7)
      macaddr (~> 1.0)
    yamler (0.1.0)
    zliby (0.0.5)

PLATFORMS
  ruby

DEPENDENCIES
  bcl (~> 0.5.1)
  ci_reporter (~> 1.9.0)
  colored (~> 1.2)
  openstudio-analysis (~> 0.1.15)
  openstudio-aws (~> 0.1.16)
  rake (~> 10.3.0)
  rspec (~> 2.12)
  rubyzip
