PATH
  remote: ../OpenStudio-analysis-gem
  specs:
    openstudio-analysis (0.4.4)
      bcl (~> 0.5.5)
      dencity (~> 0.1.0)
      faraday (~> 0.8)
      nokogiri (~> 1.6)
      roo (~> 1.12)
      rubyzip (~> 1.0)
      semantic (~> 1.4)

PATH
  remote: ../OpenStudio-aws-gem
  specs:
    openstudio-aws (0.4.1)
      aws-sdk-core (~> 2.0)
      net-scp (~> 1.1)
      semantic (~> 1.4)
      sshkey (~> 1.7)

GEM
  remote: http://rubygems.org/
  specs:
    archive-tar-minitar (0.5.2)
    aws-sdk-core (2.2.19)
      jmespath (~> 1.0)
    bcl (0.5.6)
      archive-tar-minitar
      builder
      faraday
      multi_json
      nokogiri
      roo
      rubyXL
      rubyzip
      uuid
      yamler
      zliby
    builder (3.2.2)
    colored (1.2)
    dencity (0.1.0)
      faraday
      faraday_middleware
      hashie
      multi_json
      parallel
    faraday (0.9.2)
      multipart-post (>= 1.2, < 3)
    faraday_middleware (0.10.0)
      faraday (>= 0.7.4, < 0.10)
    git (1.2.9.1)
    hashie (3.4.3)
    jmespath (1.2.4)
      json_pure (>= 1.8.1)
    json_pure (1.8.3)
    macaddr (1.7.1)
      systemu (~> 2.6.2)
    mini_portile (0.6.2)
    multi_json (1.11.2)
    multipart-post (2.0.0)
    net-scp (1.2.1)
      net-ssh (>= 2.6.5)
    net-ssh (3.1.1)
    nokogiri (1.6.6.2)
      mini_portile (~> 0.6.0)
    nokogiri (1.6.6.2-x86-mingw32)
      mini_portile (~> 0.6.0)
    parallel (1.8.0)
    rake (11.1.2)
    roo (1.13.2)
      nokogiri
      rubyzip
      spreadsheet (> 0.6.4)
    ruby-ole (1.2.11.8)
    rubyXL (3.3.15)
      nokogiri (>= 1.4.4)
      rubyzip (>= 1.1.6)
    rubyzip (1.1.7)
    semantic (1.4.1)
    spreadsheet (1.0.8)
      ruby-ole (>= 1.0)
    sshkey (1.8.0)
    systemu (2.6.5)
    uuid (2.3.8)
      macaddr (~> 1.0)
    yamler (0.1.0)
    zliby (0.0.5)

PLATFORMS
  ruby
  x86-mingw32

DEPENDENCIES
  bcl (~> 0.5.5)
  colored (~> 1.2)
  git
  openstudio-analysis!
  openstudio-aws!
  rake (~> 11.1)

BUNDLED WITH
   1.10.6
