GEM
  remote: http://rubygems.org/
  specs:
    archive-tar-minitar (0.5.2)
    aws-sdk-core (2.2.26)
      jmespath (~> 1.0)
    bcl (0.5.6)
      archive-tar-minitar
      builder
      faraday
      multi_json
      nokogiri
      roo
      rubyXL
      rubyzip
      uuid
      yamler
      zliby
    builder (3.2.2)
    colored (1.2)
    dencity (0.1.0)
      faraday
      faraday_middleware
      hashie
      multi_json
      parallel
    faraday (0.9.2)
      multipart-post (>= 1.2, < 3)
    faraday_middleware (0.10.0)
      faraday (>= 0.7.4, < 0.10)
    git (1.3.0)
    hashie (3.4.4)
    jmespath (1.3.1)
    macaddr (1.7.1)
      systemu (~> 2.6.2)
    mini_portile2 (2.1.0)
    multi_json (1.12.1)
    multipart-post (2.0.0)
    net-scp (1.2.1)
      net-ssh (>= 2.6.5)
    net-ssh (3.0.2)
    nokogiri (1.6.8)
      mini_portile2 (~> 2.1.0)
      pkg-config (~> 1.1.7)
    openstudio-analysis (1.0.0.pre.rc2)
      bcl (~> 0.5.5)
      dencity (~> 0.1.0)
      faraday (~> 0.8)
      nokogiri (~> 1.6)
      roo (~> 2.4)
      rubyzip (~> 1.2)
      semantic (~> 1.4)
    openstudio-aws (0.4.2)
      aws-sdk-core (= 2.2.26)
      net-scp (~> 1.1)
      net-ssh (= 3.0.2)
      semantic (~> 1.4)
      sshkey (~> 1.7)
    parallel (1.9.0)
    pkg-config (1.1.7)
    rake (11.2.2)
    roo (2.4.0)
      nokogiri (~> 1)
      rubyzip (~> 1.1, < 2.0.0)
    rubyXL (3.3.21)
      nokogiri (>= 1.4.4)
      rubyzip (>= 1.1.6)
    rubyzip (1.2.0)
    semantic (1.4.1)
    sshkey (1.8.0)
    systemu (2.6.5)
    uuid (2.3.8)
      macaddr (~> 1.0)
    yamler (0.1.0)
    zliby (0.0.5)

PLATFORMS
  ruby

DEPENDENCIES
  bcl (~> 0.5.6)
  colored (~> 1.2)
  git
  openstudio-analysis (~> 1.0.0.pre.rc2)
  openstudio-aws (~> 0.4.2)
  rake (~> 11.1)

BUNDLED WITH
   1.12.5
