GEM
  remote: http://rubygems.org/
  specs:
    archive-tar-minitar (0.5.2)
    aws-sdk-core (2.0.41)
      builder (~> 3.0)
      jmespath (~> 1.0)
      multi_json (~> 1.0)
    bcl (0.5.5)
      archive-tar-minitar
      builder
      faraday
      multi_json
      nokogiri
      roo
      rubyXL
      rubyzip
      uuid
      yamler
      zliby
    builder (3.2.2)
    colored (1.2)
    faraday (0.9.1)
      multipart-post (>= 1.2, < 3)
    git (1.2.9.1)
    jmespath (1.0.2)
      multi_json (~> 1.0)
    macaddr (1.7.1)
      systemu (~> 2.6.2)
    mini_portile (0.6.2)
    multi_json (1.11.0)
    multipart-post (2.0.0)
    net-scp (1.2.1)
      net-ssh (>= 2.6.5)
    net-ssh (2.9.2)
    nokogiri (1.6.6.2)
      mini_portile (~> 0.6.0)
    nokogiri (1.6.6.2-x86-mingw32)
      mini_portile (~> 0.6.0)
    openstudio-analysis (0.4.3)
      bcl (~> 0.5.5)
      faraday (~> 0.8)
      roo (~> 1.12)
      rubyzip (~> 1.0)
      semantic (~> 1.3)
    openstudio-aws (0.3.0)
      aws-sdk-core (~> 2.0.20)
      net-scp (~> 1.1)
      semantic (~> 1.3)
      sshkey (~> 1.6.1)
    rake (10.4.2)
    roo (1.13.2)
      nokogiri
      rubyzip
      spreadsheet (> 0.6.4)
    ruby-ole (1.2.11.8)
    rubyXL (3.3.8)
      nokogiri (>= 1.4.4)
      rubyzip (>= 1.1.6)
    rubyzip (1.1.7)
    semantic (1.4.1)
    spreadsheet (1.0.3)
      ruby-ole (>= 1.0)
    sshkey (1.6.1)
    systemu (2.6.5)
    uuid (2.3.7)
      macaddr (~> 1.0)
    yamler (0.1.0)
    zliby (0.0.5)

PLATFORMS
  ruby
  x86-mingw32

DEPENDENCIES
  bcl (~> 0.5.5)
  colored (~> 1.2)
  git
  openstudio-analysis (= 0.4.3)
  openstudio-aws (= 0.3.0)
  rake (~> 10.4.2)
  rubyzip
