PATH
  remote: ./vendor/aws-sdk-ruby-1.31.3
  specs:
    aws-sdk (1.31.3)
      nokogiri (>= 1.4.4)
      uuidtools (~> 2.1)

GEM
  remote: http://rubygems.org/
  specs:
    diff-lcs (1.2.5)
    faraday (0.8.8)
      multipart-post (~> 1.2.0)
    macaddr (1.6.1)
      systemu (~> 2.5.0)
    mini_portile (0.5.2)
    multipart-post (1.2.0)
    net-scp (1.1.2)
      net-ssh (>= 2.6.5)
    net-ssh (2.7.0)
    nokogiri (1.6.1)
      mini_portile (~> 0.5.0)
    openstudio-analysis (0.1.6)
      faraday (~> 0.8.8)
      roo (~> 1.12.2)
      rubyzip (~> 1.1.0)
      uuid (~> 2.3.7)
    openstudio-aws (0.1.7)
      aws-sdk (~> 1.31.3)
      net-scp (~> 1.1.2)
    rake (10.1.1)
    roo (1.12.2)
      nokogiri
      rubyzip
      spreadsheet (> 0.6.4)
    rspec (2.14.1)
      rspec-core (~> 2.14.0)
      rspec-expectations (~> 2.14.0)
      rspec-mocks (~> 2.14.0)
    rspec-core (2.14.7)
    rspec-expectations (2.14.4)
      diff-lcs (>= 1.1.3, < 2.0)
    rspec-mocks (2.14.4)
    ruby-ole (1.2.11.7)
    rubyzip (1.1.0)
    spreadsheet (0.9.6)
      ruby-ole (>= 1.0)
    systemu (2.5.2)
    uuid (2.3.7)
      macaddr (~> 1.0)
    uuidtools (2.1.4)

PLATFORMS
  ruby

DEPENDENCIES
  aws-sdk!
  openstudio-analysis (~> 0.1.6)
  openstudio-aws (~> 0.1.7)
  rake (~> 10.1.0)
  rspec (~> 2.12)
  rubyzip (~> 1.1.0)
