GEM
  remote: http://rubygems.org/
  specs:
    archive-tar-minitar (0.5.2)
    aws-sdk-core (2.2.26)
      jmespath (~> 1.0)
    bcl (0.5.7)
      archive-tar-minitar
      builder
      faraday
      multi_json
      nokogiri
      roo
      rubyXL
      rubyzip
      uuid
      yamler
      zliby
    builder (3.2.2)
    colored (1.2)
    faraday (0.10.1)
      multipart-post (>= 1.2, < 3)
    git (1.3.0)
    jmespath (1.3.1)
    macaddr (1.7.1)
      systemu (~> 2.6.2)
    mini_portile2 (2.1.0)
    multi_json (1.12.1)
    multipart-post (2.0.0)
    net-scp (1.2.1)
      net-ssh (>= 2.6.5)
    net-ssh (3.0.2)
    nokogiri (1.6.8.1)
      mini_portile2 (~> 2.1.0)
    nokogiri (1.6.8.1-x64-mingw32)
      mini_portile2 (~> 2.1.0)
    openstudio-analysis (0.4.5)
      bcl (~> 0.5.5)
      faraday (~> 0.8)
      nokogiri (~> 1.6)
      roo (~> 1.12)
      rubyzip (~> 1.0)
      semantic (~> 1.4)
    openstudio-aws (0.4.2)
      aws-sdk-core (= 2.2.26)
      net-scp (~> 1.1)
      net-ssh (= 3.0.2)
      semantic (~> 1.4)
      sshkey (~> 1.7)
    rake (11.3.0)
    roo (1.13.2)
      nokogiri
      rubyzip
      spreadsheet (> 0.6.4)
    ruby-ole (1.2.12)
    rubyXL (3.3.22)
      nokogiri (>= 1.4.4)
      rubyzip (>= 1.1.6)
    rubyzip (1.2.0)
    semantic (1.5.0)
    spreadsheet (1.1.4)
      ruby-ole (>= 1.0)
    sshkey (1.8.0)
    systemu (2.6.5)
    uuid (2.3.8)
      macaddr (~> 1.0)
    yamler (0.1.0)
    zliby (0.0.5)

PLATFORMS
  ruby
  x64-mingw32

DEPENDENCIES
  colored (~> 1.2)
  git
  nokogiri (= 1.6.8.1)
  openstudio-analysis (~> 0.4.5)
  openstudio-aws (~> 0.4.2)
  rake (~> 11.1)

BUNDLED WITH
   1.13.6
