GEM
  remote: http://rubygems.org/
  specs:
    aws-sdk-core (2.0.0.rc4)
      builder (~> 3.0)
      jamespath
      multi_json (~> 1.0)
      multi_xml (~> 0.5)
    builder (3.2.2)
    ci_reporter (1.9.1)
      builder (>= 2.1.2)
    diff-lcs (1.2.5)
    faraday (0.8.9)
      multipart-post (~> 1.2.0)
    jamespath (0.5.0)
    macaddr (1.6.1)
      systemu (~> 2.5.0)
    mini_portile (0.5.2)
    multi_json (1.8.4)
    multi_xml (0.5.5)
    multipart-post (1.2.0)
    net-scp (1.1.2)
      net-ssh (>= 2.6.5)
    net-ssh (2.7.0)
    nokogiri (1.6.1)
      mini_portile (~> 0.5.0)
    openstudio-analysis (0.1.6)
      faraday (~> 0.8.8)
      roo (~> 1.12.2)
      rubyzip (~> 1.1.0)
      uuid (~> 2.3.7)
    openstudio-aws (0.1.12)
      aws-sdk-core (~> 2.0.0.rc3)
      net-scp (~> 1.1.2)
    rake (10.1.1)
    roo (1.12.2)
      nokogiri
      rubyzip
      spreadsheet (> 0.6.4)
    rspec (2.14.1)
      rspec-core (~> 2.14.0)
      rspec-expectations (~> 2.14.0)
      rspec-mocks (~> 2.14.0)
    rspec-core (2.14.7)
    rspec-expectations (2.14.4)
      diff-lcs (>= 1.1.3, < 2.0)
    rspec-mocks (2.14.4)
    ruby-ole (1.2.11.7)
    rubyzip (1.1.0)
    spreadsheet (0.9.6)
      ruby-ole (>= 1.0)
    systemu (2.5.2)
    uuid (2.3.7)
      macaddr (~> 1.0)

PLATFORMS
  ruby

DEPENDENCIES
  ci_reporter (~> 1.9.0)
  openstudio-analysis (~> 0.1.6)
  openstudio-aws (~> 0.1.12)
  rake (~> 10.1.0)
  rspec (~> 2.12)
  rubyzip (~> 1.1.0)
